PATH
  remote: .
  specs:
    graphql-sorbet-client (0.1.0)
      graphql (~> 1.11)
      sorbet-runtime (~> 0.5)
      zeitwerk (~> 2.0)

GEM
  remote: https://rubygems.org/
  specs:
    diff-lcs (1.4.4)
    graphql (1.11.6)
    rake (10.5.0)
    rspec (3.10.0)
      rspec-core (~> 3.10.0)
      rspec-expectations (~> 3.10.0)
      rspec-mocks (~> 3.10.0)
    rspec-core (3.10.0)
      rspec-support (~> 3.10.0)
    rspec-expectations (3.10.0)
      diff-lcs (>= 1.2.0, < 2.0)
      rspec-support (~> 3.10.0)
    rspec-mocks (3.10.0)
      diff-lcs (>= 1.2.0, < 2.0)
      rspec-support (~> 3.10.0)
    rspec-support (3.10.0)
    sorbet (0.5.6025)
      sorbet-static (= 0.5.6025)
    sorbet-runtime (0.5.6025)
    sorbet-static (0.5.6025-universal-darwin-14)
    zeitwerk (2.4.1)

PLATFORMS
  ruby

DEPENDENCIES
  bundler (~> 1.17)
  graphql-sorbet-client!
  rake (~> 10.0)
  rspec (~> 3.0)
  sorbet (~> 0.5)

BUNDLED WITH
   1.17.3
